GEM
  remote: https://rubygems.org/
  specs:
    chronic_duration (0.10.6)
      numerizer (~> 0.1.1)
    numerizer (0.1.1)
    redis (4.1.3)

PLATFORMS
  ruby

DEPENDENCIES
  chronic_duration (~> 0.10.6)
  redis (~> 4.1.3)

RUBY VERSION
   ruby 2.7.0p0

BUNDLED WITH
   2.1.3
