GEM
  remote: https://rubygems.org/
  specs:
    ast (2.4.0)
    chronic_duration (0.10.6)
      numerizer (~> 0.1.1)
    coderay (1.1.2)
    equatable (0.6.1)
    jaro_winkler (1.5.4)
    method_source (0.9.2)
    numerizer (0.1.1)
    parallel (1.19.1)
    parser (2.7.0.4)
      ast (~> 2.4.0)
    pastel (0.7.3)
      equatable (~> 0.6)
      tty-color (~> 0.5)
    pry (0.12.2)
      coderay (~> 1.1.0)
      method_source (~> 0.9.0)
    rainbow (3.0.0)
    rake (13.0.1)
    redis (4.1.3)
    rexml (3.2.4)
    rubocop (0.80.1)
      jaro_winkler (~> 1.5.1)
      parallel (~> 1.10)
      parser (>= 2.7.0.1)
      rainbow (>= 2.2.2, < 4.0)
      rexml
      ruby-progressbar (~> 1.7)
      unicode-display_width (>= 1.4.0, < 1.7)
    ruby-progressbar (1.10.1)
    rufo (0.12.0)
    tty-color (0.5.1)
    tty-command (0.9.0)
      pastel (~> 0.7.0)
    tty-logger (0.3.0)
      pastel (~> 0.7.0)
    tty-which (0.4.2)
    unicode-display_width (1.6.1)

PLATFORMS
  ruby

DEPENDENCIES
  chronic_duration (~> 0.10, >= 0.10.6)
  pry
  rake (~> 13.0, >= 13.0.1)
  redis (~> 4.1, >= 4.1.3)
  rubocop
  rufo
  tty-command (~> 0.9, >= 0.9.0)
  tty-logger (~> 0.3, >= 0.3.0)
  tty-which (~> 0.4, >= 0.4.2)

RUBY VERSION
   ruby 2.7.0p0

BUNDLED WITH
   2.1.3
