GEM
  remote: https://rubygems.org/
  specs:
    ast (2.4.0)
    chronic_duration (0.10.6)
      numerizer (~> 0.1.1)
    jaro_winkler (1.5.4)
    numerizer (0.1.1)
    parallel (1.19.1)
    parser (2.7.0.4)
      ast (~> 2.4.0)
    rainbow (3.0.0)
    redis (4.1.3)
    rexml (3.2.4)
    rubocop (0.80.1)
      jaro_winkler (~> 1.5.1)
      parallel (~> 1.10)
      parser (>= 2.7.0.1)
      rainbow (>= 2.2.2, < 4.0)
      rexml
      ruby-progressbar (~> 1.7)
      unicode-display_width (>= 1.4.0, < 1.7)
    ruby-progressbar (1.10.1)
    rufo (0.12.0)
    unicode-display_width (1.6.1)

PLATFORMS
  ruby

DEPENDENCIES
  chronic_duration (~> 0.10.6)
  redis (~> 4.1.3)
  rubocop
  rufo

RUBY VERSION
   ruby 2.7.0p0

BUNDLED WITH
   2.1.3
